GEM
  remote: https://rubygems.org/
  specs:
    openssl-oaep (0.1.0)

PLATFORMS
  ruby

DEPENDENCIES
  openssl-oaep (~> 0.1.0)

RUBY VERSION
   ruby 2.6.3p62

BUNDLED WITH
   2.0.2
